GEM
  remote: https://rubygems.org/
  specs:
    addressable (2.5.0)
    autoprefixer-rails (6.7.2)
    colorator (1.1.0)
    execjs (2.7.0)
    ffi (1.9.17)
    forwardable-extended (2.6.0)
    jekyll (3.4.0)
    jekyll-paginate (1.1.0)
    jekyll-sass-converter (1.5.0)
    jekyll-sitemap (1.0.0)
    jekyll-watch (1.5.0)
    kramdown (1.13.2)
    liquid (3.0.6)
    listen (3.0.8)
    mercenary (0.3.6)
    octopress-autoprefixer (2.0.0)
    pathutil (0.14.0)
    public_suffix (2.0.5)
    rb-fsevent (0.9.8)
    rb-inotify (0.9.8)
    rouge (1.11.1)
    safe_yaml (1.0.4)
    sass (3.4.23)

PLATFORMS
  ruby

DEPENDENCIES
  jekyll-paginate
  jekyll-sitemap
  octopress-autoprefixer

BUNDLED WITH
   1.13.7
